GEM
  remote: https://rubygems.org/
  specs:
    ast (2.4.2)
    awesome_print (1.9.2)
    binding_of_caller (1.0.0)
      debug_inspector (>= 0.0.1)
    coderay (1.1.3)
    debug_inspector (1.2.0)
    diff-lcs (1.5.0)
    parser (3.2.2.4)
      ast (~> 2.4.1)
      racc
    proc_to_ast (0.1.0)
      coderay
      parser
      unparser
    racc (1.7.3)
    rspec (3.12.0)
      rspec-core (~> 3.12.0)
      rspec-expectations (~> 3.12.0)
      rspec-mocks (~> 3.12.0)
    rspec-core (3.12.2)
      rspec-support (~> 3.12.0)
    rspec-expectations (3.12.3)
      diff-lcs (>= 1.2.0, < 2.0)
      rspec-support (~> 3.12.0)
    rspec-mocks (3.12.6)
      diff-lcs (>= 1.2.0, < 2.0)
      rspec-support (~> 3.12.0)
    rspec-parameterized (1.0.0)
      rspec-parameterized-core (< 2)
      rspec-parameterized-table_syntax (< 2)
    rspec-parameterized-core (1.0.0)
      parser
      proc_to_ast
      rspec (>= 2.13, < 4)
      unparser
    rspec-parameterized-table_syntax (1.0.1)
      binding_of_caller
      rspec-parameterized-core (< 2)
    rspec-support (3.12.1)
    unparser (0.6.10)
      diff-lcs (~> 1.3)
      parser (>= 3.2.2.4)

PLATFORMS
  arm64-darwin-22

DEPENDENCIES
  awesome_print (~> 1.9, >= 1.9.2)
  rspec (~> 3.12)
  rspec-parameterized (~> 1.0)

RUBY VERSION
   ruby 3.2.2p53

BUNDLED WITH
   2.4.21
